GEM
  remote: http://rubygems.org/
  specs:
    rack (1.5.2)
    rulers (0.0.2)
      rack (= 1.5.2)

PLATFORMS
  ruby

DEPENDENCIES
  rulers
